GIT
  remote: git://github.com/centzy/ruby-protocol-buffers.git
  revision: 3ee5e7bef636f89413ee92204fb1a1441ff434f5
  specs:
    ruby-protocol-buffers (1.5.1)

PATH
  remote: .
  specs:
    smartystreets (0.0.11)
      centzy_common
      httparty
      multi_json

GEM
  remote: https://rubygems.org/
  specs:
    atomic (1.1.14)
    centzy_common (0.4.0)
      atomic
      locality-uuid
      rpc_object
      ruby-protocol-buffers (>= 1.5.0)
    diff-lcs (1.2.5)
    docile (1.1.0)
    httparty (0.12.0)
      json (~> 1.8)
      multi_xml (>= 0.5.2)
    json (1.8.1)
    locality-uuid (1.0.0)
      atomic
      macaddr
    lockfile (2.1.0)
    macaddr (1.6.1)
      systemu (~> 2.5.0)
    multi_json (1.8.2)
    multi_xml (0.5.5)
    rack (1.5.2)
    rake (10.1.0)
    rpc_object (0.8.0)
      atomic
      rack
      ruby-protocol-buffers (>= 1.5.0)
    rspec (2.14.1)
      rspec-core (~> 2.14.0)
      rspec-expectations (~> 2.14.0)
      rspec-mocks (~> 2.14.0)
    rspec-core (2.14.7)
    rspec-expectations (2.14.4)
      diff-lcs (>= 1.1.3, < 2.0)
    rspec-mocks (2.14.4)
    simplecov (0.8.1)
      docile (~> 1.1.0)
      lockfile (>= 2.1.0)
      multi_json
      simplecov-html (~> 0.8.0)
    simplecov-html (0.8.0)
    systemu (2.5.2)
    yard (0.8.7.3)

PLATFORMS
  ruby

DEPENDENCIES
  rake
  rspec
  ruby-protocol-buffers!
  simplecov
  smartystreets!
  yard
