PATH
  remote: .
  specs:
    smartystreets (0.0.7)
      centzy_common
      httparty
      multi_json

GEM
  remote: https://rubygems.org/
  specs:
    atomic (1.1.14)
    centzy_common (0.1.9)
      rpc_object
      ruby-protocol-buffers (>= 1.5.0.beta1)
    diff-lcs (1.2.4)
    httparty (0.11.0)
      multi_json (~> 1.0)
      multi_xml (>= 0.5.2)
    multi_json (1.8.0)
    multi_xml (0.5.5)
    rack (1.5.2)
    rake (10.1.0)
    rpc_object (0.5.0)
      atomic
      rack
      ruby-protocol-buffers (>= 1.5.0.beta1)
    rspec (2.14.1)
      rspec-core (~> 2.14.0)
      rspec-expectations (~> 2.14.0)
      rspec-mocks (~> 2.14.0)
    rspec-core (2.14.5)
    rspec-expectations (2.14.2)
      diff-lcs (>= 1.1.3, < 2.0)
    rspec-mocks (2.14.3)
    ruby-protocol-buffers (1.5.0.beta1)
    simplecov (0.7.1)
      multi_json (~> 1.0)
      simplecov-html (~> 0.7.1)
    simplecov-html (0.7.1)
    yard (0.8.7.1)

PLATFORMS
  ruby

DEPENDENCIES
  rake
  rspec
  simplecov
  smartystreets!
  yard
