PATH
  remote: .
  specs:
    smartystreets (0.0.10)
      centzy_common
      httparty
      multi_json

GEM
  remote: https://rubygems.org/
  specs:
    atomic (1.1.14)
    centzy_common (0.3.0)
      locality-uuid
      rpc_object
      ruby-protocol-buffers (>= 1.5.0)
    diff-lcs (1.2.4)
    httparty (0.12.0)
      json (~> 1.8)
      multi_xml (>= 0.5.2)
    json (1.8.1)
    locality-uuid (1.0.0)
      atomic
      macaddr
    macaddr (1.6.1)
      systemu (~> 2.5.0)
    multi_json (1.8.2)
    multi_xml (0.5.5)
    rack (1.5.2)
    rake (10.1.0)
    rpc_object (0.7.0)
      atomic
      rack
      ruby-protocol-buffers (>= 1.5.0)
    rspec (2.14.1)
      rspec-core (~> 2.14.0)
      rspec-expectations (~> 2.14.0)
      rspec-mocks (~> 2.14.0)
    rspec-core (2.14.6)
    rspec-expectations (2.14.3)
      diff-lcs (>= 1.1.3, < 2.0)
    rspec-mocks (2.14.4)
    ruby-protocol-buffers (1.5.0)
    simplecov (0.7.1)
      multi_json (~> 1.0)
      simplecov-html (~> 0.7.1)
    simplecov-html (0.7.1)
    systemu (2.5.2)
    yard (0.8.7.2)

PLATFORMS
  ruby

DEPENDENCIES
  rake
  rspec
  simplecov
  smartystreets!
  yard
